PATH
  remote: .
  specs:
    satis (1.0.134)
      ar_doc_store (~> 2.1)
      browser
      diffy
      rails (>= 6)
      strong_migrations (~> 1.4)
      view_component

GEM
  remote: https://rubygems.org/
  specs:
    actioncable (7.0.8)
      actionpack (= 7.0.8)
      activesupport (= 7.0.8)
      nio4r (~> 2.0)
      websocket-driver (>= 0.6.1)
    actionmailbox (7.0.8)
      actionpack (= 7.0.8)
      activejob (= 7.0.8)
      activerecord (= 7.0.8)
      activestorage (= 7.0.8)
      activesupport (= 7.0.8)
      mail (>= 2.7.1)
      net-imap
      net-pop
      net-smtp
    actionmailer (7.0.8)
      actionpack (= 7.0.8)
      actionview (= 7.0.8)
      activejob (= 7.0.8)
      activesupport (= 7.0.8)
      mail (~> 2.5, >= 2.5.4)
      net-imap
      net-pop
      net-smtp
      rails-dom-testing (~> 2.0)
    actionpack (7.0.8)
      actionview (= 7.0.8)
      activesupport (= 7.0.8)
      rack (~> 2.0, >= 2.2.4)
      rack-test (>= 0.6.3)
      rails-dom-testing (~> 2.0)
      rails-html-sanitizer (~> 1.0, >= 1.2.0)
    actiontext (7.0.8)
      actionpack (= 7.0.8)
      activerecord (= 7.0.8)
      activestorage (= 7.0.8)
      activesupport (= 7.0.8)
      globalid (>= 0.6.0)
      nokogiri (>= 1.8.5)
    actionview (7.0.8)
      activesupport (= 7.0.8)
      builder (~> 3.1)
      erubi (~> 1.4)
      rails-dom-testing (~> 2.0)
      rails-html-sanitizer (~> 1.1, >= 1.2.0)
    activejob (7.0.8)
      activesupport (= 7.0.8)
      globalid (>= 0.3.6)
    activemodel (7.0.8)
      activesupport (= 7.0.8)
    activerecord (7.0.8)
      activemodel (= 7.0.8)
      activesupport (= 7.0.8)
    activestorage (7.0.8)
      actionpack (= 7.0.8)
      activejob (= 7.0.8)
      activerecord (= 7.0.8)
      activesupport (= 7.0.8)
      marcel (~> 1.0)
      mini_mime (>= 1.1.0)
    activesupport (7.0.8)
      concurrent-ruby (~> 1.0, >= 1.0.2)
      i18n (>= 1.6, < 2)
      minitest (>= 5.1)
      tzinfo (~> 2.0)
    ar_doc_store (2.1.3)
      activerecord (>= 6.1)
      pg
    ast (2.4.2)
    auxilium (3.0.24)
      actionpack (> 5.1)
      activemodel (> 5.1)
      activesupport (> 5.1)
      pundit (> 2)
      responders (> 3)
      rolify (> 5)
    backport (1.2.0)
    benchmark (0.2.0)
    browser (5.3.1)
    builder (3.2.4)
    coderay (1.1.3)
    concurrent-ruby (1.2.2)
    connection_pool (2.3.0)
    crass (1.0.6)
    date (3.3.4)
    diff-lcs (1.5.0)
    diffy (3.4.2)
    e2mmap (0.1.0)
    erubi (1.12.0)
    faker (3.2.1)
      i18n (>= 1.8.11, < 2)
    globalid (1.2.1)
      activesupport (>= 6.1)
    i18n (1.14.1)
      concurrent-ruby (~> 1.0)
    jaro_winkler (1.5.4)
    json (2.6.2)
    kramdown (2.4.0)
      rexml
    kramdown-parser-gfm (1.1.0)
      kramdown (~> 2.0)
    language_server-protocol (3.17.0.1)
    loofah (2.21.3)
      crass (~> 1.0.2)
      nokogiri (>= 1.12.0)
    mail (2.8.1)
      mini_mime (>= 0.1.1)
      net-imap
      net-pop
      net-smtp
    marcel (1.0.2)
    method_source (1.0.0)
    mini_mime (1.1.5)
    mini_portile2 (2.8.4)
    minitest (5.20.0)
    net-imap (0.4.8)
      date
      net-protocol
    net-pop (0.1.2)
      net-protocol
    net-protocol (0.2.2)
      timeout
    net-smtp (0.4.0)
      net-protocol
    nio4r (2.7.0)
    nokogiri (1.15.4)
      mini_portile2 (~> 2.8.2)
      racc (~> 1.4)
    nokogiri (1.15.4-arm64-darwin)
      racc (~> 1.4)
    nokogiri (1.15.4-x86_64-darwin)
      racc (~> 1.4)
    nokogiri (1.15.4-x86_64-linux)
      racc (~> 1.4)
    parallel (1.22.1)
    parser (3.1.2.1)
      ast (~> 2.4.1)
    pg (1.5.3)
    prettier_print (1.0.2)
    pry (0.14.1)
      coderay (~> 1.1)
      method_source (~> 1.0)
    pundit (2.2.0)
      activesupport (>= 3.0.0)
    racc (1.7.1)
    rack (2.2.8)
    rack-test (2.1.0)
      rack (>= 1.3)
    rails (7.0.8)
      actioncable (= 7.0.8)
      actionmailbox (= 7.0.8)
      actionmailer (= 7.0.8)
      actionpack (= 7.0.8)
      actiontext (= 7.0.8)
      actionview (= 7.0.8)
      activejob (= 7.0.8)
      activemodel (= 7.0.8)
      activerecord (= 7.0.8)
      activestorage (= 7.0.8)
      activesupport (= 7.0.8)
      bundler (>= 1.15.0)
      railties (= 7.0.8)
    rails-dom-testing (2.2.0)
      activesupport (>= 5.0.0)
      minitest
      nokogiri (>= 1.6)
    rails-html-sanitizer (1.6.0)
      loofah (~> 2.21)
      nokogiri (~> 1.14)
    railties (7.0.8)
      actionpack (= 7.0.8)
      activesupport (= 7.0.8)
      method_source
      rake (>= 12.2)
      thor (~> 1.0)
      zeitwerk (~> 2.5)
    rainbow (3.1.1)
    rake (13.1.0)
    redis (4.8.0)
    regexp_parser (2.6.0)
    responders (3.0.1)
      actionpack (>= 5.0)
      railties (>= 5.0)
    reverse_markdown (2.1.1)
      nokogiri
    rexml (3.2.5)
    rolify (6.0.0)
    rubocop (1.35.1)
      json (~> 2.3)
      parallel (~> 1.10)
      parser (>= 3.1.2.1)
      rainbow (>= 2.2.2, < 4.0)
      regexp_parser (>= 1.8, < 3.0)
      rexml (>= 3.2.5, < 4.0)
      rubocop-ast (>= 1.20.1, < 2.0)
      ruby-progressbar (~> 1.7)
      unicode-display_width (>= 1.4.0, < 3.0)
    rubocop-ast (1.22.0)
      parser (>= 3.1.1.0)
    rubocop-performance (1.14.3)
      rubocop (>= 1.7.0, < 2.0)
      rubocop-ast (>= 0.4.0)
    rubocop-rails (2.16.1)
      activesupport (>= 4.2.0)
      rack (>= 1.1)
      rubocop (>= 1.33.0, < 2.0)
    ruby-lsp (0.3.4)
      language_server-protocol (~> 3.17.0)
      sorbet-runtime
      syntax_tree (>= 3.6.3)
    ruby-progressbar (1.11.0)
    sidekiq (6.5.7)
      connection_pool (>= 2.2.5)
      rack (~> 2.0)
      redis (>= 4.5.0, < 5)
    slim (4.1.0)
      temple (>= 0.7.6, < 0.9)
      tilt (>= 2.0.6, < 2.1)
    slim-rails (3.2.0)
      actionpack (>= 3.1)
      railties (>= 3.1)
      slim (>= 3.0, < 5.0)
    solargraph (0.47.2)
      backport (~> 1.2)
      benchmark
      bundler (>= 1.17.2)
      diff-lcs (~> 1.4)
      e2mmap
      jaro_winkler (~> 1.5)
      kramdown (~> 2.3)
      kramdown-parser-gfm (~> 1.1)
      parser (~> 3.0)
      reverse_markdown (>= 1.0.5, < 3)
      rubocop (>= 0.52)
      thor (~> 1.0)
      tilt (~> 2.0)
      yard (~> 0.9, >= 0.9.24)
    sorbet-runtime (0.5.10508)
    standard (1.16.1)
      rubocop (= 1.35.1)
      rubocop-performance (= 1.14.3)
    strong_migrations (1.4.4)
      activerecord (>= 5.2)
    syntax_tree (4.0.2)
      prettier_print (>= 1.0.2)
    temple (0.8.2)
    thor (1.2.2)
    tilt (2.0.11)
    timeout (0.4.1)
    tzinfo (2.0.6)
      concurrent-ruby (~> 1.0)
    unicode-display_width (2.3.0)
    view_component (3.8.0)
      activesupport (>= 5.2.0, < 8.0)
      concurrent-ruby (~> 1.0)
      method_source (~> 1.0)
    webrick (1.7.0)
    websocket-driver (0.7.6)
      websocket-extensions (>= 0.1.0)
    websocket-extensions (0.1.5)
    yard (0.9.28)
      webrick (~> 1.7.0)
    zeitwerk (2.6.11)

PLATFORMS
  arm64-darwin-20
  ruby
  x86_64-darwin-20
  x86_64-linux

DEPENDENCIES
  auxilium (~> 3)
  faker
  pg (>= 0.18, < 2.0)
  pry
  rubocop-rails
  ruby-lsp
  satis!
  sidekiq
  slim
  slim-rails (~> 3)
  solargraph
  standard
  strong_migrations

BUNDLED WITH
   2.3.17
